GEM
  remote: https://rubygems.org/
  specs:
    domain_name (0.5.20190701)
      unf (>= 0.0.5, < 1.0.0)
    http-cookie (1.0.4)
      domain_name (~> 0.5)
    mime-types (2.99.3)
    netrc (0.11.0)
    rack (1.6.13)
    rack-protection (1.5.0)
      rack
    rest-client (1.8.0)
      http-cookie (>= 1.0.2, < 2.0)
      mime-types (>= 1.16, < 3.0)
      netrc (~> 0.7)
    sinatra (1.4.2)
      rack (~> 1.5, >= 1.5.2)
      rack-protection (~> 1.4)
      tilt (~> 1.3, >= 1.3.4)
    tilt (1.4.1)
    unf (0.1.4)
      unf_ext
    unf_ext (0.0.8.1)

PLATFORMS
  ruby

DEPENDENCIES
  rest-client
  sinatra
